GEM
  remote: http://rubygems.org/
  specs:
    coderay (1.1.1)
    concurrent-ruby (1.0.5)
    connection_pool (2.2.1)
    httmultiparty (0.3.16)
      httparty (>= 0.7.3)
      mimemagic
      multipart-post
    httparty (0.15.5)
      multi_xml (>= 0.5.2)
    mail (2.6.6)
      mime-types (>= 1.16, < 4)
    method_source (0.8.2)
    mime-types (3.1)
      mime-types-data (~> 3.2015)
    mime-types-data (3.2016.0521)
    mimemagic (0.3.2)
    multi_xml (0.6.0)
    multipart-post (2.0.0)
    mustermann (1.0.0)
    pony (1.11)
      mail (>= 2.0)
    pry (0.10.4)
      coderay (~> 1.1.0)
      method_source (~> 0.8.1)
      slop (~> 3.4)
    puma (3.9.1)
    rack (2.0.3)
    rack-protection (2.0.0)
      rack
    redis (3.3.3)
    sidekiq (5.0.3)
      concurrent-ruby (~> 1.0)
      connection_pool (~> 2.2, >= 2.2.0)
      rack-protection (>= 1.5.0)
      redis (~> 3.3, >= 3.3.3)
    sinatra (2.0.0)
      mustermann (~> 1.0)
      rack (~> 2.0)
      rack-protection (= 2.0.0)
      tilt (~> 2.0)
    slop (3.6.0)
    tilt (2.0.7)

PLATFORMS
  ruby

DEPENDENCIES
  httmultiparty
  httparty
  mail
  pony
  pry
  puma
  rack
  sidekiq
  sinatra

RUBY VERSION
   ruby 2.4.0p0

BUNDLED WITH
   1.14.3
